GIT
  remote: git://github.com/hmt/schild.git
  revision: f92428fa12c2de162d58abcb2628ee5704f78a88
  branch: master
  specs:
    schild (0.3.3.2)
      envyable (~> 0)
      mysql2 (~> 0)
      sequel (~> 4)

GEM
  remote: http://rubygems.org/
  specs:
    envyable (0.2.0)
    json (1.8.2)
    mysql2 (0.3.18)
    pdfkit (0.6.2)
    puma (2.11.2)
      rack (>= 1.1, < 2.0)
    rack (1.6.0)
    rack-protection (1.5.3)
      rack
    sass (3.4.13)
    sequel (4.21.0)
    sinatra (1.4.6)
      rack (~> 1.4)
      rack-protection (~> 1.4)
      tilt (>= 1.3, < 3)
    slim (3.0.3)
      temple (~> 0.7.3)
      tilt (>= 1.3.3, < 2.1)
    temple (0.7.5)
    tilt (2.0.1)

PLATFORMS
  ruby

DEPENDENCIES
  envyable
  json
  mysql2
  pdfkit
  puma
  sass
  schild!
  sequel
  sinatra
  slim
