GIT
  remote: git://github.com/hmt/schild.git
  revision: 34b7f070307b274300bed8b28891ea927029189e
  branch: master
  specs:
    schild (0.7.9)
      sequel (~> 4)

GEM
  remote: https://rubygems.org/
  specs:
    ansi (1.5.0)
    ast (2.3.0)
    backports (3.6.8)
    coderay (1.1.1)
    envyable (1.2.0)
      thor (>= 0.18.1, < 2.0)
    git (1.3.0)
    hashids (1.0.2)
    json (2.0.2)
    method_source (0.8.2)
    minitest (5.9.1)
    minitest-rg (5.2.0)
      minitest (~> 5.0)
    multi_json (1.12.1)
    mysql2 (0.4.5)
    oga (2.7)
      ast
      ruby-ll (~> 2.1)
    pg (0.19.0)
    pry (0.10.4)
      coderay (~> 1.1.0)
      method_source (~> 0.8.1)
      slop (~> 3.4)
    puma (3.6.0)
    rack (1.6.5)
    rack-protection (1.5.3)
      rack
    rack-test (0.6.3)
      rack (>= 1.0)
    rake (11.3.0)
    ruby-ll (2.1.2)
      ansi
      ast
    sass (3.4.22)
    sequel (4.40.0)
    sinatra (1.4.7)
      rack (~> 1.5)
      rack-protection (~> 1.4)
      tilt (>= 1.3, < 3)
    sinatra-contrib (1.4.7)
      backports (>= 2.0)
      multi_json
      rack-protection
      rack-test
      sinatra (~> 1.4.0)
      tilt (>= 1.3, < 3)
    slim (3.0.7)
      temple (~> 0.7.6)
      tilt (>= 1.3.3, < 2.1)
    slop (3.6.0)
    temple (0.7.7)
    thor (0.19.1)
    tilt (2.0.5)

PLATFORMS
  ruby

DEPENDENCIES
  envyable
  git
  hashids
  jdbc-mysql
  json
  minitest
  minitest-rg
  mysql2
  oga
  pg
  pry
  puma
  rack-test
  rake
  sass
  schild!
  sinatra
  sinatra-contrib
  slim

BUNDLED WITH
   1.12.3
