GIT
  remote: git://github.com/hmt/schild.git
  revision: 18808fe0b3e3994617e9de3d29711c8314530bfa
  branch: master
  specs:
    schild (0.7.0b)
      sequel (~> 4)

GEM
  remote: http://rubygems.org/
  specs:
    envyable (0.2.0)
    jdbc-mysql (5.1.37)
    json (1.8.3)
    json (1.8.3-java)
    minitest (5.8.2)
    minitest-rg (5.2.0)
      minitest (~> 5.0)
    mysql2 (0.4.1)
    puma (2.15.3)
    puma (2.15.3-java)
    rack (1.6.4)
    rack-protection (1.5.3)
      rack
    rack-test (0.6.3)
      rack (>= 1.0)
    rake (10.4.2)
    sass (3.4.19)
    sequel (4.28.0)
    sinatra (1.4.6)
      rack (~> 1.4)
      rack-protection (~> 1.4)
      tilt (>= 1.3, < 3)
    slim (3.0.6)
      temple (~> 0.7.3)
      tilt (>= 1.3.3, < 2.1)
    temple (0.7.6)
    tilt (2.0.1)

PLATFORMS
  java
  ruby

DEPENDENCIES
  envyable
  jdbc-mysql
  json
  minitest
  minitest-rg
  mysql2
  puma
  rack-test
  rake
  sass
  schild!
  sinatra
  slim

BUNDLED WITH
   1.10.6
