GIT
  remote: https://github.com/headius/jruby-pg.git
  revision: d14e9d018aecb82a577ef4173db8bc2216d6118d
  branch: master
  specs:
    pg_jruby (0.17.1)

GEM
  remote: https://rubygems.org/
  specs:
    ansi (1.5.0)
    ast (2.3.0)
    backports (3.10.3)
    coderay (1.1.2)
    daybreak (0.3.0)
    domain_name (0.5.20170404)
      unf (>= 0.0.5, < 1.0.0)
    ffi (1.9.18)
    ffi (1.9.18-java)
    git (1.3.0)
    hashids (1.0.4)
    http-cookie (1.0.3)
      domain_name (~> 0.5)
    jdbc-mysql (5.1.44)
    json (2.1.0)
    json (2.1.0-java)
    method_source (0.9.0)
    mime-types (3.1)
      mime-types-data (~> 3.2015)
    mime-types-data (3.2016.0521)
    minitest (5.10.3)
    minitest-rg (5.2.0)
      minitest (~> 5.0)
    multi_json (1.12.2)
    mustermann (1.0.1)
    mysql2 (0.4.9)
    netrc (0.11.0)
    nullobject (0.0.6)
    oga (2.11)
      ast
      ruby-ll (~> 2.1)
    oga (2.11-java)
      ast
      ruby-ll (~> 2.1)
    pg (0.21.0)
    pry (0.11.2)
      coderay (~> 1.1.0)
      method_source (~> 0.9.0)
    pry (0.11.2-java)
      coderay (~> 1.1.0)
      method_source (~> 0.9.0)
      spoon (~> 0.0)
    puma (3.8.2)
    puma (3.8.2-java)
    rack (2.0.3)
    rack-cache (1.7.1)
      rack (>= 0.4)
    rack-protection (2.0.0)
      rack
    rack-test (0.7.0)
      rack (>= 1.0, < 3)
    rake (12.2.1)
    rb-fsevent (0.10.2)
    rb-inotify (0.9.10)
      ffi (>= 0.5.0, < 2)
    redcarpet (3.4.0)
    rest-client (2.0.2)
      http-cookie (>= 1.0.2, < 2.0)
      mime-types (>= 1.16, < 4.0)
      netrc (~> 0.8)
    ruby-ll (2.1.2)
      ansi
      ast
    ruby-ll (2.1.2-java)
      ansi
      ast
    sass (3.5.3)
      sass-listen (~> 4.0.0)
    sass-listen (4.0.0)
      rb-fsevent (~> 0.9, >= 0.9.4)
      rb-inotify (~> 0.9, >= 0.9.7)
    schild (0.8.0)
      sequel (~> 5)
    sequel (5.2.0)
    sinatra (2.0.0)
      mustermann (~> 1.0)
      rack (~> 2.0)
      rack-protection (= 2.0.0)
      tilt (~> 2.0)
    sinatra-contrib (2.0.0)
      backports (>= 2.0)
      multi_json
      mustermann (~> 1.0)
      rack-protection (= 2.0.0)
      sinatra (= 2.0.0)
      tilt (>= 1.3, < 3)
    slim (3.0.8)
      temple (>= 0.7.6, < 0.9)
      tilt (>= 1.3.3, < 2.1)
    spoon (0.0.6)
      ffi
    temple (0.8.0)
    tilt (2.0.8)
    unf (0.1.4)
      unf_ext
    unf (0.1.4-java)
    unf_ext (0.0.7.4)

PLATFORMS
  java
  ruby

DEPENDENCIES
  daybreak
  git
  hashids
  jdbc-mysql
  json
  minitest
  minitest-rg
  mysql2
  nullobject
  oga
  pg
  pg_jruby (= 0.17.1)!
  pry
  puma (~> 3.8.0)
  rack-cache
  rack-test
  rake
  redcarpet
  rest-client
  sass
  schild
  sinatra
  sinatra-contrib
  slim

BUNDLED WITH
   1.15.4
