GEM
  remote: http://rubygems.org/
  specs:
    envyable (0.1.0)
    json (1.8.2)
    mysql2 (0.3.17)
    puma (2.11.1)
      rack (>= 1.1, < 2.0)
    rack (1.6.0)
    rack-protection (1.5.3)
      rack
    sass (3.4.13)
    schild (0.3.0)
      envyable (~> 0)
      mysql2 (~> 0)
      sequel (~> 4)
    sequel (4.19.0)
    sinatra (1.4.6)
      rack (~> 1.4)
      rack-protection (~> 1.4)
      tilt (>= 1.3, < 3)
    slim (3.0.3)
      temple (~> 0.7.3)
      tilt (>= 1.3.3, < 2.1)
    temple (0.7.5)
    tilt (1.4.1)

PLATFORMS
  ruby

DEPENDENCIES
  envyable
  json
  mysql2
  puma
  sass
  schild (>= 0.3)
  sequel
  sinatra
  slim
